PATH
  remote: .
  specs:
    fix-engine (0.0.1)
      eventmachine
      eventmachine
      eventmachine
      fix-engine
      fix-protocol
      oj
      pusher-client
      websocket-native

GEM
  remote: https://rubygems.org/
  specs:
    coderay (1.0.9)
    diff-lcs (1.2.5)
    docile (1.1.5)
    eventmachine (1.0.4)
    fix-protocol (0.0.64)
      polyglot
      treetop
    json (1.8.1)
    method_source (0.8.2)
    multi_json (1.10.1)
    oj (2.11.1)
    polyglot (0.3.5)
    pry (0.9.12.2)
      coderay (~> 1.0.5)
      method_source (~> 0.8)
      slop (~> 3.4)
    pusher-client (0.6.0)
      json
      websocket (~> 1.0)
    rspec (3.1.0)
      rspec-core (~> 3.1.0)
      rspec-expectations (~> 3.1.0)
      rspec-mocks (~> 3.1.0)
    rspec-core (3.1.7)
      rspec-support (~> 3.1.0)
    rspec-expectations (3.1.2)
      diff-lcs (>= 1.2.0, < 2.0)
      rspec-support (~> 3.1.0)
    rspec-mocks (3.1.3)
      rspec-support (~> 3.1.0)
    rspec-support (3.1.2)
    simplecov (0.9.1)
      docile (~> 1.1.0)
      multi_json (~> 1.0)
      simplecov-html (~> 0.8.0)
    simplecov-html (0.8.0)
    slop (3.6.0)
    treetop (1.5.3)
      polyglot (~> 0.3)
    websocket (1.2.1)
    websocket-native (1.0.0)

PLATFORMS
  ruby

DEPENDENCIES
  fix-engine!
  pry
  rspec
  simplecov
